GEM
  remote: https://rubygems.org/
  specs:
    redcarpet (3.5.0)

PLATFORMS
  ruby

DEPENDENCIES
  redcarpet (~> 3.5)

RUBY VERSION
   ruby 2.7.0p0

BUNDLED WITH
   2.1.4
